PATH
  remote: .
  specs:
    mason (0.0.5)
      thor

GEM
  remote: http://rubygems.org/
  specs:
    thor (0.14.6)

PLATFORMS
  ruby

DEPENDENCIES
  mason!
  thor
